GEM
  remote: http://rubygems.org/
  specs:
    ffi (1.2.0)
    ffi-coremidi (0.1.8)
      ffi (>= 1.0)
    unimidi (0.3.3)
      ffi-coremidi

PLATFORMS
  ruby

DEPENDENCIES
  unimidi
